GEM
  remote: https://rubygems.org/
  specs:
    anthropic (1.1.1)
      connection_pool
    connection_pool (2.5.3)
    date (3.4.1)
    debug (1.11.0)
      irb (~> 1.10)
      reline (>= 0.3.8)
    dotenv (3.1.8)
    erb (5.0.2)
    io-console (0.8.1)
    irb (1.15.2)
      pp (>= 0.6.0)
      rdoc (>= 4.0.0)
      reline (>= 0.4.2)
    pp (0.6.2)
      prettyprint
    prettyprint (0.2.0)
    psych (5.2.6)
      date
      stringio
    rdoc (6.14.2)
      erb
      psych (>= 4.0.0)
    reline (0.6.1)
      io-console (~> 0.5)
    sorbet (0.5.12353)
      sorbet-static (= 0.5.12353)
    sorbet-static (0.5.12353-universal-darwin)
    stringio (3.1.7)

PLATFORMS
  arm64-darwin-24

DEPENDENCIES
  anthropic
  debug
  dotenv
  sorbet

BUNDLED WITH
   2.6.9
